GEM
  remote: https://rubygems.org/
  specs:
    puma (3.1.0)
    rack (1.6.4)
    rack-protection (1.5.3)
      rack
    sinatra (1.4.7)
      rack (~> 1.5)
      rack-protection (~> 1.4)
      tilt (>= 1.3, < 3)
    sinatra-cache (0.3.7)
      sinatra (>= 1.1.0)
      sinatra-outputbuffer (>= 0.1.0)
    sinatra-outputbuffer (0.1.0)
      sinatra (>= 1.0.a)
    tilt (2.0.2)

PLATFORMS
  ruby

DEPENDENCIES
  puma
  sinatra
  sinatra-cache

BUNDLED WITH
   1.11.2
