GEM
  remote: https://rubygems.org/
  specs:
    humanize (2.1.1)
    mustermann (1.0.3)
    puma (3.12.4)
    rack (2.2.2)
    rack-contrib (2.1.0)
      rack (~> 2.0)
    rack-protection (2.0.5)
      rack
    sinatra (2.0.5)
      mustermann (~> 1.0)
      rack (~> 2.0)
      rack-protection (= 2.0.5)
      tilt (~> 2.0)
    tilt (2.0.9)

PLATFORMS
  ruby

DEPENDENCIES
  humanize
  puma
  rack-contrib
  sinatra

RUBY VERSION
   ruby 2.5.0p0

BUNDLED WITH
   2.0.1
