GEM
  remote: https://rubygems.org/
  specs:
    humanize (1.7.0)
    mustermann (1.0.2)
    puma (3.11.3)
    rack (2.0.4)
    rack-contrib (2.0.1)
      rack (~> 2.0)
    rack-protection (2.0.1)
      rack
    sinatra (2.0.1)
      mustermann (~> 1.0)
      rack (~> 2.0)
      rack-protection (= 2.0.1)
      tilt (~> 2.0)
    tilt (2.0.8)

PLATFORMS
  ruby

DEPENDENCIES
  humanize
  puma
  rack-contrib
  sinatra

RUBY VERSION
   ruby 2.5.0p0

BUNDLED WITH
   2.0.1
