GEM
  remote: https://rubygems.org/
  specs:
    humanize (2.4.2)
    mustermann (1.1.1)
      ruby2_keywords (~> 0.0.1)
    nio4r (2.5.2)
    puma (4.3.3)
      nio4r (~> 2.0)
    rack (2.2.2)
    rack-contrib (2.1.0)
      rack (~> 2.0)
    rack-protection (2.0.8.1)
      rack
    rack-ssl-enforcer (0.2.9)
    ruby2_keywords (0.0.2)
    sinatra (2.0.8.1)
      mustermann (~> 1.0)
      rack (~> 2.0)
      rack-protection (= 2.0.8.1)
      tilt (~> 2.0)
    tilt (2.0.10)

PLATFORMS
  ruby

DEPENDENCIES
  humanize
  puma
  rack-contrib
  rack-ssl-enforcer
  sinatra

RUBY VERSION
   ruby 2.5.0p0

BUNDLED WITH
   2.0.1
